GEM
  remote: http://rubygems.org/
  specs:
    eventmachine (1.0.0)
    json (1.7.7)
    mime-types (1.19)
    rest-client (1.6.7)
      mime-types (>= 1.16)
    serialport (1.1.0)
    stathat (0.0.5)

PLATFORMS
  ruby

DEPENDENCIES
  eventmachine
  json
  rest-client
  serialport
  stathat
