GEM
  remote: https://rubygems.org/
  specs:
    eventmachine (1.0.3)
    json (1.7.7)
    mime-types (1.21)
    rest-client (1.6.7)
      mime-types (>= 1.16)
    serialport (1.1.0)
    sqlite3 (1.3.7)
    stathat (0.1.6)

PLATFORMS
  ruby

DEPENDENCIES
  eventmachine
  json
  rest-client
  serialport
  sqlite3
  stathat
