GEM
  remote: http://rubygems.org/
  specs:
    eventmachine (1.0.0)
    mime-types (1.19)
    rest-client (1.6.7)
      mime-types (>= 1.16)
    serialport (1.1.0)

PLATFORMS
  ruby

DEPENDENCIES
  eventmachine
  rest-client
  serialport
